GIT
  remote: git://github.com/kylejginavan/youtube_it.git
  revision: f61ed0b00905e048dcbed12457d02f52ddbae45d
  specs:
    youtube_it (2.4.1)
      builder
      excon
      faraday (>= 0.8, < 0.10)
      json (~> 1.8)
      nokogiri (~> 1.6.0)
      oauth (~> 0.4.4)
      oauth2 (~> 1.0.0)
      simple_oauth (>= 0.1.5)

PATH
  remote: plugins/
  specs:
    cinch-title (0.3.1)

GEM
  remote: https://rubygems.org/
  specs:
    addressable (2.3.6)
    buftok (0.2.0)
    builder (3.2.2)
    chronic_duration (0.10.6)
      numerizer (~> 0.1.1)
    cinch (2.1.0)
    cinch-cooldown (1.1.5)
      cinch (~> 2)
      time-lord (~> 1.0, >= 1.0.1)
    cinch-identify (1.6.0)
      cinch (~> 2.0)
    curb (0.8.6)
    equalizer (0.0.9)
    excon (0.40.0)
    faraday (0.9.0)
      multipart-post (>= 1.2, < 3)
    feedjira (1.4.0)
      curb (~> 0.8)
      loofah (~> 2.0)
      sax-machine (~> 1.0)
    htmlentities (4.3.2)
    http (0.6.2)
      http_parser.rb (~> 0.6.0)
    http_parser.rb (0.6.0)
    json (1.8.1)
    jwt (1.0.0)
    loofah (2.0.1)
      nokogiri (>= 1.5.9)
    memoizable (0.4.2)
      thread_safe (~> 0.3, >= 0.3.1)
    mini_portile (0.6.0)
    multi_json (1.10.1)
    multi_xml (0.5.5)
    multipart-post (2.0.0)
    naught (1.0.0)
    nokogiri (1.6.3.1)
      mini_portile (= 0.6.0)
    numerizer (0.1.1)
    oauth (0.4.7)
    oauth2 (1.0.0)
      faraday (>= 0.8, < 0.10)
      jwt (~> 1.0)
      multi_json (~> 1.3)
      multi_xml (~> 0.5)
      rack (~> 1.2)
    open-uri-cached (0.0.5)
    rack (1.5.2)
    sax-machine (1.0.0)
    simple_oauth (0.2.0)
    thread_safe (0.3.4)
    time-lord (1.0.1)
    twitter (5.11.0)
      addressable (~> 2.3)
      buftok (~> 0.2.0)
      equalizer (~> 0.0.9)
      faraday (~> 0.9.0)
      http (~> 0.6.0)
      http_parser.rb (~> 0.6.0)
      json (~> 1.8)
      memoizable (~> 0.4.0)
      naught (~> 1.0)
      simple_oauth (~> 0.2.0)

PLATFORMS
  ruby

DEPENDENCIES
  chronic_duration
  cinch
  cinch-cooldown
  cinch-identify
  cinch-title (= 0.3.1)!
  feedjira
  htmlentities
  json
  nokogiri
  open-uri-cached
  twitter
  youtube_it!
